GIT
  remote: git://github.com/mongoid/mongoid.git
  revision: 11e45e5a30a45458b83db99ab6c9d9ccc337e66f
  ref: 11e45e5a30a45458b83db99ab6c9d9ccc337e66f
  specs:
    mongoid (4.0.0)
      activemodel (~> 4.0.0.rc1)
      moped (~> 1.4)
      origin (~> 1.0)
      tzinfo (~> 0.3.22)

GIT
  remote: git://github.com/sitoto/delayed_job_mongoid.git
  revision: 2c6d2da60996a255356a5fffdfd719ee91ee813e
  specs:
    delayed_job_mongoid (4.0.0)
      delayed_job (~> 4.0)
      mongoid (~> 4.0)

GEM
  remote: http://ruby.taobao.org/
  specs:
    actionmailer (4.0.0.rc2)
      actionpack (= 4.0.0.rc2)
      mail (~> 2.5.3)
    actionpack (4.0.0.rc2)
      activesupport (= 4.0.0.rc2)
      builder (~> 3.1.0)
      erubis (~> 2.7.0)
      rack (~> 1.5.2)
      rack-test (~> 0.6.2)
    activemodel (4.0.0.rc2)
      activesupport (= 4.0.0.rc2)
      builder (~> 3.1.0)
    activerecord (4.0.0.rc2)
      activemodel (= 4.0.0.rc2)
      activerecord-deprecated_finders (~> 1.0.2)
      activesupport (= 4.0.0.rc2)
      arel (~> 4.0.0)
    activerecord-deprecated_finders (1.0.3)
    activesupport (4.0.0.rc2)
      i18n (~> 0.6, >= 0.6.4)
      minitest (~> 4.2)
      multi_json (~> 1.3)
      thread_safe (~> 0.1)
      tzinfo (~> 0.3.37)
    anjlab-bootstrap-rails (3.0.1.0)
      railties (>= 3.0)
      sass (>= 3.2)
    arel (4.0.0)
    atomic (1.1.14)
    bcrypt-ruby (3.1.2)
    builder (3.1.4)
    capistrano (2.9.0)
      highline
      net-scp (>= 1.0.0)
      net-sftp (>= 2.0.0)
      net-ssh (>= 2.0.14)
      net-ssh-gateway (>= 1.1.0)
    coffee-rails (4.0.0)
      coffee-script (>= 2.2.0)
      railties (>= 4.0.0.beta, < 5.0)
    coffee-script (2.2.0)
      coffee-script-source
      execjs
    coffee-script-source (1.6.3)
    daemons (1.1.9)
    delayed_job (4.0.0)
      activesupport (>= 3.0, < 4.1)
    diff-lcs (1.2.4)
    erubis (2.7.0)
    execjs (2.0.2)
    factory_girl (4.2.0)
      activesupport (>= 3.0.0)
    factory_girl_rails (4.2.1)
      factory_girl (~> 4.2.0)
      railties (>= 3.0.0)
    faraday (0.8.8)
      multipart-post (~> 1.2.0)
    hashie (2.0.5)
    highline (1.6.19)
    hike (1.2.3)
    httpauth (0.2.0)
    i18n (0.6.5)
    jquery-rails (3.0.4)
      railties (>= 3.0, < 5.0)
      thor (>= 0.14, < 2.0)
    jwt (0.1.8)
      multi_json (>= 1.5)
    kaminari (0.14.0)
      actionpack (>= 3.0.0)
      activesupport (>= 3.0.0)
    kgio (2.8.0)
    mail (2.5.4)
      mime-types (~> 1.16)
      treetop (~> 1.4.8)
    meta-tags (1.5.0)
      actionpack
    mime-types (1.25)
    mini_portile (0.5.1)
    minitest (4.7.5)
    moped (1.5.1)
    multi_json (1.8.0)
    multipart-post (1.2.0)
    net-scp (1.1.2)
      net-ssh (>= 2.6.5)
    net-sftp (2.1.2)
      net-ssh (>= 2.6.5)
    net-ssh (2.7.0)
    net-ssh-gateway (1.2.0)
      net-ssh (>= 2.6.5)
    nokogiri (1.6.0)
      mini_portile (~> 0.5.0)
    oauth2 (0.8.1)
      faraday (~> 0.8)
      httpauth (~> 0.1)
      jwt (~> 0.1.4)
      multi_json (~> 1.0)
      rack (~> 1.2)
    omniauth (1.1.4)
      hashie (>= 1.2, < 3)
      rack
    omniauth-identity (1.1.1)
      bcrypt-ruby (~> 3.0)
      omniauth (~> 1.0)
    omniauth-oauth2 (1.1.1)
      oauth2 (~> 0.8.0)
      omniauth (~> 1.0)
    omniauth-weibo-oauth2 (0.3.0)
      omniauth (~> 1.0)
      omniauth-oauth2 (~> 1.0)
    origin (1.1.0)
    polyglot (0.3.3)
    rack (1.5.2)
    rack-test (0.6.2)
      rack (>= 1.0)
    rails (4.0.0.rc2)
      actionmailer (= 4.0.0.rc2)
      actionpack (= 4.0.0.rc2)
      activerecord (= 4.0.0.rc2)
      activesupport (= 4.0.0.rc2)
      bundler (>= 1.3.0, < 2.0)
      railties (= 4.0.0.rc2)
      sprockets-rails (~> 2.0.0)
    rails-i18n (0.1.8)
      i18n (~> 0.5)
    railties (4.0.0.rc2)
      actionpack (= 4.0.0.rc2)
      activesupport (= 4.0.0.rc2)
      rake (>= 0.8.7)
      thor (>= 0.18.1, < 2.0)
    raindrops (0.12.0)
    rake (10.1.0)
    redcarpet (3.0.0)
    rspec-core (2.13.1)
    rspec-expectations (2.13.0)
      diff-lcs (>= 1.1.3, < 2.0)
    rspec-mocks (2.13.1)
    rspec-rails (2.13.2)
      actionpack (>= 3.0)
      activesupport (>= 3.0)
      railties (>= 3.0)
      rspec-core (~> 2.13.0)
      rspec-expectations (~> 2.13.0)
      rspec-mocks (~> 2.13.0)
    rvm-capistrano (1.4.1)
      capistrano (>= 2.0.0)
    sass (3.2.11)
    sass-rails (4.0.0)
      railties (>= 4.0.0.beta, < 5.0)
      sass (>= 3.1.10)
      sprockets-rails (~> 2.0.0)
    simple_form (3.0.0.rc)
      actionpack (>= 4.0.0.rc1, < 4.1)
      activemodel (>= 4.0.0.rc1, < 4.1)
    social-share-button (0.1.4)
    sprockets (2.10.0)
      hike (~> 1.2)
      multi_json (~> 1.0)
      rack (~> 1.0)
      tilt (~> 1.1, != 1.3.0)
    sprockets-rails (2.0.0)
      actionpack (>= 3.0)
      activesupport (>= 3.0)
      sprockets (~> 2.8)
    thor (0.18.1)
    thread_safe (0.1.3)
      atomic
    tilt (1.4.1)
    treetop (1.4.15)
      polyglot
      polyglot (>= 0.3.1)
    tzinfo (0.3.37)
    uglifier (2.2.1)
      execjs (>= 0.3.0)
      multi_json (~> 1.0, >= 1.0.2)
    unicorn (4.6.3)
      kgio (~> 2.6)
      rack
      raindrops (~> 0.7)
    wmd-rails (0.0.7)
      rails (>= 3.1.1)

PLATFORMS
  ruby

DEPENDENCIES
  anjlab-bootstrap-rails (~> 3.0.1.0)
  capistrano (= 2.9.0)
  coffee-rails (~> 4.0.0)
  daemons
  delayed_job_mongoid!
  factory_girl_rails
  jquery-rails (= 3.0.4)
  kaminari (= 0.14.0)
  meta-tags
  mongoid!
  nokogiri
  omniauth-identity
  omniauth-weibo-oauth2
  rails (= 4.0.0.rc2)
  rails-i18n (= 0.1.8)
  redcarpet
  rspec-rails (~> 2.13.2)
  rvm-capistrano
  sass-rails (~> 4.0.0)
  simple_form (= 3.0.0.rc)
  social-share-button (= 0.1.4)
  uglifier (>= 1.3.0)
  unicorn
  wmd-rails
